GEM
  remote: https://rubygems.org/
  specs:
    awesome_print (1.1.0)
    builder (3.1.4)
    ci_reporter (1.7.3)
      builder (>= 2.1.2)
    daemons (1.1.9)
    diff-lcs (1.1.3)
    eventmachine (1.0.3)
    excon (0.20.1)
    foreman (0.62.0)
      thor (>= 0.13.6)
    git (1.2.5)
    heroku-api (0.3.9)
      excon (~> 0.20.1)
    jeweler (1.8.4)
      bundler (~> 1.0)
      git (>= 1.2.5)
      rake
      rdoc
    json (1.7.7)
    kgio (2.8.0)
    mime-types (1.19)
    multi_json (1.6.1)
    newrelic_rpm (3.6.1.87)
    rack (1.5.2)
    rack-test (0.6.2)
      rack (>= 1.0)
    raindrops (0.10.0)
    rake (0.9.2.2)
    rdoc (3.12)
      json (~> 1.4)
    rest-client (1.6.7)
      mime-types (>= 1.16)
    rmagick (2.13.2)
    rspec (2.12.0)
      rspec-core (~> 2.12.0)
      rspec-expectations (~> 2.12.0)
      rspec-mocks (~> 2.12.0)
    rspec-core (2.12.2)
    rspec-expectations (2.12.1)
      diff-lcs (~> 1.1.3)
    rspec-mocks (2.12.1)
    shotgun (0.9)
      rack (>= 1.0)
    simplecov (0.7.1)
      multi_json (~> 1.0)
      simplecov-html (~> 0.7.1)
    simplecov-html (0.7.1)
    simplecov-rcov (0.2.3)
      simplecov (>= 0.4.1)
    thin (1.5.1)
      daemons (>= 1.0.9)
      eventmachine (>= 0.12.6)
      rack (>= 1.0.0)
    thor (0.18.1)
    unicorn (4.6.2)
      kgio (~> 2.6)
      rack
      raindrops (~> 0.7)

PLATFORMS
  ruby

DEPENDENCIES
  awesome_print
  ci_reporter
  foreman
  heroku-api
  jeweler
  mime-types
  newrelic_rpm
  rack
  rack-test
  rake
  rest-client (~> 1.6.7)
  rmagick (~> 2.13.2)
  rspec
  shotgun
  simplecov
  simplecov-rcov
  thin
  unicorn
